GEM
  remote: https://rubygems.org/
  specs:
    diff-lcs (1.3)
    rspec (3.13.0)
      rspec-core (~> 3.13.0)
      rspec-expectations (~> 3.13.0)
      rspec-mocks (~> 3.13.0)
    rspec-core (3.13.2)
      rspec-support (~> 3.13.0)
    rspec-expectations (3.13.3)
      diff-lcs (>= 1.2.0, < 2.0)
      rspec-support (~> 3.13.0)
    rspec-mocks (3.13.2)
      diff-lcs (>= 1.2.0, < 2.0)
      rspec-support (~> 3.13.0)
    rspec-support (3.13.1)
    thor (1.3.2)

PLATFORMS
  x64-mingw-ucrt

DEPENDENCIES
  rspec (~> 3.13)
  thor (~> 1.3)

BUNDLED WITH
   2.5.22
