GEM
  remote: https://rubygems.org/
  specs:
    diff-lcs (1.3)
    ostruct (0.6.0)
    rainbow (3.1.1)
    rspec (3.13.0)
      rspec-core (~> 3.13.0)
      rspec-expectations (~> 3.13.0)
      rspec-mocks (~> 3.13.0)
    rspec-core (3.13.2)
      rspec-support (~> 3.13.0)
    rspec-expectations (3.13.3)
      diff-lcs (>= 1.2.0, < 2.0)
      rspec-support (~> 3.13.0)
    rspec-mocks (3.13.2)
      diff-lcs (>= 1.2.0, < 2.0)
      rspec-support (~> 3.13.0)
    rspec-support (3.13.1)
    terminal-table (3.0.2)
      unicode-display_width (>= 1.1.1, < 3)
    thor (1.3.2)
    unicode-display_width (2.6.0)

PLATFORMS
  x64-mingw-ucrt

DEPENDENCIES
  ostruct
  rainbow (~> 3.1)
  rspec (~> 3.13)
  terminal-table (~> 3.0)
  thor (~> 1.3)

BUNDLED WITH
   2.5.22
